GEM
  remote: https://rubygems.org/
  specs:
    chunky_png (1.3.8)
    cinch (2.3.3)
    compass (1.0.3)
      chunky_png (~> 1.2)
      compass-core (~> 1.0.2)
      compass-import-once (~> 1.0.5)
      rb-fsevent (>= 0.9.3)
      rb-inotify (>= 0.9)
      sass (>= 3.3.13, < 3.5)
    compass-core (1.0.3)
      multi_json (~> 1.0)
      sass (>= 3.3.0, < 3.5)
    compass-import-once (1.0.5)
      sass (>= 3.2, < 3.5)
    ffi (1.9.14)
    foreman (0.82.0)
      thor (~> 0.19.1)
    jellyfish (1.1.1)
    kgio (2.11.0)
    multi_json (1.12.1)
    pork (2.0.0)
    raindrops (0.17.0)
    rb-fsevent (0.9.8)
    rb-inotify (0.9.7)
      ffi (>= 0.5.0)
    redis (3.3.2)
    sass (3.4.23)
    sleepy_penguin (3.4.1)
    thor (0.19.4)
    unicorn (5.2.0)
      kgio (~> 2.6)
      raindrops (~> 0.7)
    yahns (1.14.1)
      kgio (~> 2.9)
      sleepy_penguin (~> 3.2)
      unicorn (>= 4.6.3, < 6.0)

PLATFORMS
  ruby

DEPENDENCIES
  cinch
  compass
  foreman
  jellyfish
  pork
  redis
  sass
  trinidad
  yahns

BUNDLED WITH
   1.13.7
