GEM
  remote: https://rubygems.org/
  specs:
    chunky_png (1.3.4)
    cinch (2.2.6)
    compass (1.0.3)
      chunky_png (~> 1.2)
      compass-core (~> 1.0.2)
      compass-import-once (~> 1.0.5)
      rb-fsevent (>= 0.9.3)
      rb-inotify (>= 0.9)
      sass (>= 3.3.13, < 3.5)
    compass-core (1.0.3)
      multi_json (~> 1.0)
      sass (>= 3.3.0, < 3.5)
    compass-import-once (1.0.5)
      sass (>= 3.2, < 3.5)
    ffi (1.9.10)
    foreman (0.78.0)
      thor (~> 0.19.1)
    jellyfish (1.0.2)
    kgio (2.10.0)
    multi_json (1.11.2)
    pork (1.4.2)
    rack (1.6.4)
    rainbows (4.6.2)
      kgio (~> 2.5)
      rack (~> 1.1)
      unicorn (~> 4.8)
    raindrops (0.15.0)
    rb-fsevent (0.9.6)
    rb-inotify (0.9.5)
      ffi (>= 0.5.0)
    redis (3.2.1)
    sass (3.4.18)
    thor (0.19.1)
    unicorn (4.9.0)
      kgio (~> 2.6)
      rack
      raindrops (~> 0.7)

PLATFORMS
  ruby

DEPENDENCIES
  cinch
  compass
  foreman
  jellyfish
  pork
  rainbows
  redis
  sass
  trinidad

BUNDLED WITH
   1.10.6
