GEM
  remote: https://rubygems.org/
  specs:
    chunky_png (1.3.0)
    cinch (2.1.0)
    compass (0.12.4)
      chunky_png (~> 1.2)
      fssm (>= 0.2.7)
      sass (~> 3.2.17)
    fssm (0.2.10)
    jellyfish (1.0.0)
    kgio (2.9.2)
    rack (1.5.2)
    rainbows (4.6.1)
      kgio (~> 2.5)
      rack (~> 1.1)
      unicorn (~> 4.8)
    raindrops (0.13.0)
    redis (3.0.7)
    sass (3.2.18)
    unicorn (4.8.2)
      kgio (~> 2.6)
      rack
      raindrops (~> 0.7)

PLATFORMS
  ruby

DEPENDENCIES
  cinch
  compass
  jellyfish
  rainbows
  redis
  sass
